GEM
  remote: http://rubygems.org/
  specs:
    sass (3.4.13)

PLATFORMS
  ruby
  x64-mingw32
  x86-mingw32

DEPENDENCIES
  sass (~> 3.4.0)
